GEM
  remote: https://rubygems.org/
  specs:
    archive-tar-minitar (0.5.2)
    builder (3.2.0)
    dotenv (0.7.0)
    erubis (2.7.0)
    excon (0.22.1)
    ffi (0.6.4)
    fog (1.10.1)
      builder
      excon (~> 0.20)
      formatador (~> 0.2.0)
      mime-types
      multi_json (~> 1.0)
      net-scp (~> 1.1)
      net-ssh (>= 2.1.3)
      nokogiri (~> 1.5.0)
      ruby-hmac
    foreman (0.63.0)
      dotenv (>= 0.7)
      thor (>= 0.13.6)
    formatador (0.2.4)
    json (1.8.0)
    mario (0.0.6)
    mime-types (1.23)
    multi_json (1.7.3)
    net-scp (1.1.1)
      net-ssh (>= 2.6.5)
    net-ssh (2.6.7)
    nokogiri (1.5.9)
    rake (10.0.4)
    ruby-hmac (0.4.0)
    thor (0.18.1)
    vagrant (0.5.4)
      archive-tar-minitar (= 0.5.2)
      erubis (>= 2.6.6)
      json (>= 1.4.3)
      mario (~> 0.0.6)
      net-scp (>= 1.0.2)
      net-ssh (>= 2.0.19)
      virtualbox (~> 0.7.3)
    vagrant-aws (0.2.2)
      fog (~> 1.10.0)
    virtualbox (0.7.9)
      ffi (~> 0.6.3)

PLATFORMS
  ruby

DEPENDENCIES
  foreman
  rake
  vagrant
  vagrant-aws
